GEM
  remote: https://rubygems.org/
  specs:
    dotenv (2.1.1)
    rack (1.6.4)
    rack-protection (1.5.3)
      rack
    ruby_cowsay (0.1.1)
    sinatra (1.4.7)
      rack (~> 1.5)
      rack-protection (~> 1.4)
      tilt (>= 1.3, < 3)
    tilt (2.0.4)

PLATFORMS
  ruby

DEPENDENCIES
  dotenv
  ruby_cowsay
  sinatra

RUBY VERSION
   ruby 2.2.4p230

BUNDLED WITH
   1.12.4
